GEM
  remote: https://rubygems.org/
  specs:
    dotenv (2.7.5)
    ffi (1.15.0)
    listen (3.5.1)
      rb-fsevent (~> 0.10, >= 0.10.3)
      rb-inotify (~> 0.9, >= 0.9.10)
    minitest (5.14.4)
    minitest-color (0.0.2)
      minitest (~> 5)
    mustermann (1.1.1)
      ruby2_keywords (~> 0.0.1)
    nio4r (2.5.7)
    pg (1.2.3)
    puma (4.3.3)
      nio4r (~> 2.0)
    rack (2.2.3)
    rack-protection (2.0.7)
      rack
    rack-test (1.1.0)
      rack (>= 1.0, < 3)
    rb-fsevent (0.10.4)
    rb-inotify (0.10.1)
      ffi (~> 1.0)
    rerun (0.13.1)
      listen (~> 3.0)
    ruby2_keywords (0.0.4)
    sequel (5.43.0)
    sinatra (2.0.7)
      mustermann (~> 1.0)
      rack (~> 2.0)
      rack-protection (= 2.0.7)
      tilt (~> 2.0)
    tilt (2.0.10)

PLATFORMS
  ruby

DEPENDENCIES
  dotenv (= 2.7.5)
  minitest
  minitest-color
  pg
  puma (= 4.3.3)
  rack-test
  rerun
  sequel
  sinatra (= 2.0.7)

RUBY VERSION
   ruby 2.6.4p104

BUNDLED WITH
   1.17.2
